GEM
  remote: https://rubygems.org/
  specs:
    ast (2.4.0)
    backports (3.15.0)
    debase (0.2.4.1)
      debase-ruby_core_source (>= 0.10.2)
    debase-ruby_core_source (0.10.8)
    fastri (0.3.1.1)
    jaro_winkler (1.5.4)
    multi_json (1.14.1)
    mustermann (1.0.3)
    parallel (1.19.1)
    parser (2.6.5.0)
      ast (~> 2.4.0)
    rack (2.2.3)
    rack-protection (2.0.7)
      rack
    rainbow (3.0.0)
    rake (13.0.1)
    rcodetools (0.8.5.0)
    rubocop (0.78.0)
      jaro_winkler (~> 1.5.1)
      parallel (~> 1.10)
      parser (>= 2.6)
      rainbow (>= 2.2.2, < 4.0)
      ruby-progressbar (~> 1.7)
      unicode-display_width (>= 1.4.0, < 1.7)
    ruby-debug-ide (0.7.0)
      rake (>= 0.8.1)
    ruby-progressbar (1.10.1)
    sinatra (2.0.7)
      mustermann (~> 1.0)
      rack (~> 2.0)
      rack-protection (= 2.0.7)
      tilt (~> 2.0)
    sinatra-contrib (2.0.7)
      backports (>= 2.8.2)
      multi_json
      mustermann (~> 1.0)
      rack-protection (= 2.0.7)
      sinatra (= 2.0.7)
      tilt (~> 2.0)
    tilt (2.0.10)
    unicode-display_width (1.6.0)

PLATFORMS
  ruby

DEPENDENCIES
  debase
  fastri
  rcodetools
  rubocop
  ruby-debug-ide
  sinatra
  sinatra-contrib

RUBY VERSION
   ruby 2.6.2p47

BUNDLED WITH
   2.0.1
